GEM
  remote: https://rubygems.org/
  specs:
    commonjs (0.2.7)
    github-markdown (0.6.5)
    less (2.5.0)
      commonjs (~> 0.2.7)
    libv8 (3.16.14.3)
    rack (1.5.2)
    rack-protection (1.5.3)
      rack
    rack-ssl (1.4.1)
      rack
    ref (1.0.5)
    sinatra (1.4.5)
      rack (~> 1.4)
      rack-protection (~> 1.4)
      tilt (~> 1.3, >= 1.3.4)
    sinatra-flash (0.3.0)
      sinatra (>= 1.0.0)
    therubyracer (0.12.1)
      libv8 (~> 3.16.14.0)
      ref
    tilt (1.4.1)

PLATFORMS
  ruby

DEPENDENCIES
  github-markdown (~> 0.6)
  less (~> 2.5)
  rack-ssl (~> 1.4)
  sinatra (~> 1.4)
  sinatra-flash (~> 0.3)
  therubyracer (~> 0.12)
